GIT
  remote: https://github.com/lian/bitcoin-ruby.git
  revision: f9b817c946b3ef99c7652c318c155200aadc6489
  specs:
    bitcoin-ruby (0.0.20)
      eventmachine
      ffi
      scrypt

GEM
  remote: http://rubygems.org/
  specs:
    chunky_png (1.3.3)
    escper (1.2.2)
      rmagick
      serialport
    eventmachine (1.2.7)
    ffi (1.12.2)
    ffi-compiler (0.1.3)
      ffi (>= 1.0.0)
      rake
    pkg-config (1.5.5)
    rake (13.0.1)
    rmagick (5.3.0)
      pkg-config (~> 1.4)
    rqrcode (0.4.2)
    rqrcode_png (0.1.5)
      chunky_png
      rqrcode
    scrypt (1.2.1)
      ffi-compiler (>= 0.0.2)
      rake
    serialport (1.3.1)

PLATFORMS
  ruby

DEPENDENCIES
  bitcoin-ruby!
  escper
  ffi
  rake (>= 12.3.3)
  rqrcode_png
  scrypt

BUNDLED WITH
   2.1.4
